GEM
  remote: https://rubygems.org/
  specs:
    backport (1.1.2)
    diff-lcs (1.3)
    rake (12.0.0)
    readapt (1.1.1)
      backport (~> 1.1)
      thor (~> 1.0)
    rspec (3.6.0)
      rspec-core (~> 3.6.0)
      rspec-expectations (~> 3.6.0)
      rspec-mocks (~> 3.6.0)
    rspec-core (3.6.0)
      rspec-support (~> 3.6.0)
    rspec-expectations (3.6.0)
      diff-lcs (>= 1.2.0, < 2.0)
      rspec-support (~> 3.6.0)
    rspec-mocks (3.6.0)
      diff-lcs (>= 1.2.0, < 2.0)
      rspec-support (~> 3.6.0)
    rspec-support (3.6.0)
    thor (1.1.0)

PLATFORMS
  ruby

DEPENDENCIES
  rake
  readapt
  rspec

BUNDLED WITH
   2.2.3
